GEM
  remote: https://rubygems.org/
  specs:
    bencode (0.8.2)
    mktorrent (1.7.0)
      bencode (~> 0.8)
      rake (~> 10.1)
    rake (10.4.2)

PLATFORMS
  ruby

DEPENDENCIES
  mktorrent

BUNDLED WITH
   1.10.6
